GEM
  remote: https://rubygems.org/
  specs:
    erubis (2.7.0)
    git (1.2.5)
    haml (3.1.3)
    jeweler (1.6.4)
      bundler (~> 1.0)
      git (>= 1.2.5)
      rake
    multi_json (1.3.6)
    rack (1.3.5)
    rake (0.9.2.2)

PLATFORMS
  ruby

DEPENDENCIES
  bundler (>= 1.0.0)
  erubis (>= 2.7.0)
  haml (>= 3.1.0)
  jeweler (>= 1.6.4)
  rack (>= 1.3.0)
