GEM
  remote: http://rubygems.org/
  specs:
    git (1.2.5)
    haml (3.1.3)
    jeweler (1.6.4)
      bundler (~> 1.0)
      git (>= 1.2.5)
      rake
    rack (1.3.3)
    rake (0.9.2)
    rcov (0.9.10)

