GEM
  remote: http://rubygems.org/
  specs:
    haml (3.1.3)
    rack (1.3.3)
    spire (0.1.3)
      haml (>= 3.1.0)
      rack (>= 1.3.0)

PLATFORMS
  ruby

DEPENDENCIES
  spire (>= 0.1.3)
