GEM
  specs:
    erubis (2.7.0)
    git (1.2.5)
    haml (3.1.3)
    jeweler (1.6.4)
      bundler (~> 1.0)
      git (>= 1.2.5)
      rake
    rack (1.3.5)
    rake (0.9.2.2)
    rcov (0.9.11)

PLATFORMS
  ruby

DEPENDENCIES
  bundler (~> 1.0.0)
  erubis (>= 2.7.0)
  haml (>= 3.1.0)
  jeweler (~> 1.6.4)
  rack (>= 1.3.0)
  rcov
